PATH
  remote: ..
  specs:
    rulerss (0.3.0)
      erubis
      multi_json
      rake (~> 10.0)
      sqlite3

GEM
  remote: http://rubygems.org/
  specs:
    erubis (2.7.0)
    multi_json (1.12.1)
    rake (10.5.0)
    sqlite3 (1.3.13)

PLATFORMS
  ruby

DEPENDENCIES
  rulerss!

BUNDLED WITH
   1.14.6
